GIT
  remote: git://github.com/datenimperator/nesta.git
  revision: d0e48bbfb351bfcd2fea3bd8b52fd91b7c7e5928
  specs:
    nesta (0.9.13)
      RedCloth (~> 4.2)
      haml (~> 4.0)
      rack (~> 1.3)
      rdiscount (~> 1.6)
      sass (~> 3.1)
      sinatra (~> 1.3)

GEM
  remote: https://rubygems.org/
  specs:
    RedCloth (4.2.9)
    activesupport (3.2.12)
      i18n (~> 0.6)
      multi_json (~> 1.0)
    backports (3.3.0)
    capistrano (2.14.2)
      highline
      net-scp (>= 1.0.0)
      net-sftp (>= 2.0.0)
      net-ssh (>= 2.0.14)
      net-ssh-gateway (>= 1.1.0)
    chunky_png (1.2.8)
    coderay (1.0.9)
    coffee-script (2.2.0)
      coffee-script-source
      execjs
    coffee-script-source (1.6.2)
    compass (0.12.2)
      chunky_png (~> 1.2)
      fssm (>= 0.2.7)
      sass (~> 3.1)
    eventmachine (1.0.3)
    execjs (1.4.0)
      multi_json (~> 1.0)
    ffi (1.6.0)
    fssm (0.2.10)
    haml (4.0.1)
      tilt
    haml-coderay (0.2.0)
      coderay
      haml
    highline (1.6.16)
    hike (1.2.1)
    i18n (0.6.4)
    kgio (2.8.0)
    listen (0.7.3)
    mr-sparkle (0.0.3)
      listen (>= 0.6)
      rb-fsevent (>= 0.9)
      rb-inotify (>= 0.8)
      unicorn (>= 4.5)
    multi_json (1.7.2)
    net-scp (1.1.0)
      net-ssh (>= 2.6.5)
    net-sftp (2.1.1)
      net-ssh (>= 2.6.5)
    net-ssh (2.6.6)
    net-ssh-gateway (1.2.0)
      net-ssh (>= 2.6.5)
    rack (1.5.2)
    rack-cache (1.2)
      rack (>= 0.4)
    rack-protection (1.5.0)
      rack
    rack-test (0.6.2)
      rack (>= 1.0)
    raindrops (0.10.0)
    rake (10.0.4)
    rb-fsevent (0.9.3)
    rb-inotify (0.9.0)
      ffi (>= 0.5.0)
    rdiscount (1.6.8)
    rvm-capistrano (1.2.7)
      capistrano (>= 2.0.0)
    sass (3.2.7)
    sinatra (1.3.6)
      rack (~> 1.4)
      rack-protection (~> 1.3)
      tilt (~> 1.3, >= 1.3.3)
    sinatra-contrib (1.3.2)
      backports (>= 2.0)
      eventmachine
      rack-protection
      rack-test
      sinatra (~> 1.3.0)
      tilt (~> 1.3)
    sinatra-support (1.2.2)
      sinatra (>= 1.0)
    sprockets (2.9.0)
      hike (~> 1.2)
      multi_json (~> 1.0)
      rack (~> 1.0)
      tilt (~> 1.1, != 1.3.0)
    sprockets-helpers (1.0.0)
      sprockets (~> 2.0)
    sprockets-sass (0.9.1)
      sprockets (~> 2.0)
      tilt (~> 1.1)
    tilt (1.3.6)
    unicorn (4.6.2)
      kgio (~> 2.6)
      rack
      raindrops (~> 0.7)
    zurb-foundation (4.1.1)
      sass (>= 3.2.0)

PLATFORMS
  ruby

DEPENDENCIES
  activesupport
  capistrano
  coffee-script
  compass
  haml
  haml-coderay
  i18n
  mr-sparkle
  nesta!
  rack-cache
  rake
  rvm-capistrano
  sinatra-contrib
  sinatra-support
  sprockets-helpers
  sprockets-sass
  zurb-foundation
