GEM
  remote: http://rubygems.org/
  specs:
    bootstrap-sass (2.1.1.0)
    capistrano (2.13.5)
      highline
      net-scp (>= 1.0.0)
      net-sftp (>= 2.0.0)
      net-ssh (>= 2.0.14)
      net-ssh-gateway (>= 1.1.0)
    chunky_png (1.2.6)
    coffee-script (2.2.0)
      coffee-script-source
      execjs
    coffee-script-source (1.4.0)
    compass (0.12.2)
      chunky_png (~> 1.2)
      fssm (>= 0.2.7)
      sass (~> 3.1)
    execjs (1.4.0)
      multi_json (~> 1.0)
    fssm (0.2.9)
    haml (3.1.7)
    highline (1.6.15)
    hike (1.2.1)
    http_accept_language (2.0.0.pre)
    i18n (0.6.1)
    libv8 (3.3.10.4)
    multi_json (1.3.7)
    net-scp (1.0.4)
      net-ssh (>= 1.99.1)
    net-sftp (2.0.5)
      net-ssh (>= 2.0.9)
    net-ssh (2.6.1)
    net-ssh-gateway (1.1.0)
      net-ssh (>= 1.99.1)
    rack (1.4.1)
    rack-cache (1.2)
      rack (>= 0.4)
    rack-protection (1.2.0)
      rack
    rvm-capistrano (1.2.7)
      capistrano (>= 2.0.0)
    sass (3.2.2)
    shotgun (0.9)
      rack (>= 1.0)
    sinatra (1.3.3)
      rack (~> 1.3, >= 1.3.6)
      rack-protection (~> 1.2)
      tilt (~> 1.3, >= 1.3.3)
    sinatra-support (1.2.2)
      sinatra (>= 1.0)
    sprockets (2.8.1)
      hike (~> 1.2)
      multi_json (~> 1.0)
      rack (~> 1.0)
      tilt (~> 1.1, != 1.3.0)
    sprockets-helpers (0.7.2)
      sprockets (~> 2.0)
    sprockets-sass (0.9.1)
      sprockets (~> 2.0)
      tilt (~> 1.1)
    therubyracer (0.10.2)
      libv8 (~> 3.3.10)
    tilt (1.3.3)
    uglifier (1.3.0)
      execjs (>= 0.3.0)
      multi_json (~> 1.0, >= 1.0.2)
    will_paginate (3.0.3)

PLATFORMS
  ruby

DEPENDENCIES
  bootstrap-sass
  capistrano
  coffee-script
  compass
  haml
  http_accept_language (~> 2.0.0.beta)
  i18n
  rack-cache
  rvm-capistrano
  shotgun
  sinatra
  sinatra-support
  sprockets
  sprockets-helpers
  sprockets-sass
  therubyracer
  uglifier
  will_paginate
